PATH
  remote: .
  specs:
    ruth (0.0.1)
      bundler (~> 1.1)
      rake (~> 0.9.2)
      rb-fchange (~> 0.0.6)

GEM
  remote: https://rubygems.org/
  specs:
    ansi (1.4.3)
    ffi (1.1.5)
    ffi (1.1.5-x86-mingw32)
    guard (1.2.3)
      listen (>= 0.4.2)
      thor (>= 0.14.6)
    guard-minitest (0.5.0)
      guard (>= 0.4)
    listen (0.5.3)
    minitest (4.0.0)
    minitest-spec (0.0.2.1)
      minitest (>= 3.0)
    multi_json (1.3.6)
    rake (0.9.2.2)
    rb-fchange (0.0.6)
      ffi
    rb-fsevent (0.9.2)
    simplecov (0.6.4)
      multi_json (~> 1.0)
      simplecov-html (~> 0.5.3)
    simplecov-html (0.5.3)
    terminal-notifier-guard (1.5.3)
    thor (0.16.0)
    turn (0.9.6)
      ansi

PLATFORMS
  x86-mingw32

DEPENDENCIES
  guard (~> 1.2.3)
  guard-minitest (~> 0.5.0)
  minitest
  minitest-spec (~> 0.0.2)
  rb-fsevent (~> 0.9.1)
  ruth!
  simplecov (~> 0.6)
  terminal-notifier-guard
  turn (~> 0.9.6)
